GEM
  remote: https://rubygems.org/
  specs:
    directory_watcher (1.4.1)
    mini_portile2 (2.1.0)
    mustache (0.99.8)
    nokogiri (1.6.8)
      mini_portile2 (~> 2.1.0)
      pkg-config (~> 1.1.7)
    pkg-config (1.1.7)
    rack (1.6.4)
    redcarpet (2.3.0)
    ruhoh (2.6)
      directory_watcher (~> 1.4.0)
      mustache (~> 0.99)
      nokogiri (~> 1.5)
      rack (~> 1.4)
      redcarpet (~> 2.1)

PLATFORMS
  ruby

DEPENDENCIES
  ruhoh (~> 2)

BUNDLED WITH
   1.13.1
